GEM
  remote: http://rubygems.org/
  specs:
    activesupport (3.2.8)
      i18n (~> 0.6)
      multi_json (~> 1.0)
    breakpoint (1.3)
      compass (>= 0.12.1)
      sass (>= 3.2.0)
    chunky_png (1.2.6)
    color-schemer (0.1.3)
      compass (~> 0.11)
    compass (0.12.2)
      chunky_png (~> 1.2)
      fssm (>= 0.2.7)
      sass (~> 3.1)
    fssm (0.2.9)
    haml (3.1.7)
    i18n (0.6.1)
    maruku (0.6.1)
      syntax (>= 1.0.0)
    modular-scale (1.0.2)
      compass (>= 0.11.5)
      sassy-math (>= 1.2)
    multi_json (1.3.7)
    rack (1.4.1)
    rack-test (0.6.2)
      rack (>= 1.0)
    sass (3.2.2)
    sassy-math (1.2)
      compass (~> 0.11)
    serve (1.5.1)
      activesupport (~> 3.0)
      i18n
      rack (~> 1.2)
      rack-test (~> 0.5)
      tilt (~> 1.3)
      tzinfo
    susy (1.0.4)
      compass (>= 0.12.2)
      sass (>= 3.2.0)
    syntax (1.0.0)
    tilt (1.3.3)
    tzinfo (0.3.35)

PLATFORMS
  ruby

DEPENDENCIES
  breakpoint (>= 1.3)
  color-schemer (>= 0.1)
  compass (>= 0.12)
  haml
  maruku
  modular-scale (>= 1)
  serve (= 1.5.1)
  susy (>= 1)
